PATH
  remote: .
  specs:
    mini_node (0.1.0)

GEM
  remote: https://rubygems.org/
  specs:
    celluloid (0.16.0)
      timers (~> 4.0.0)
    ffi (1.9.8)
    ffi (1.9.8-java)
    hitimes (1.2.2)
    hitimes (1.2.2-java)
    http_parser.rb (0.6.0)
    http_parser.rb (0.6.0-java)
    listen (2.10.0)
      celluloid (~> 0.16.0)
      rb-fsevent (>= 0.9.3)
      rb-inotify (>= 0.9)
    mime-types (2.5)
    rake (10.4.2)
    rb-fsevent (0.9.4)
    rb-inotify (0.9.5)
      ffi (>= 0.5.0)
    redis (3.2.1)
    rerun (0.10.0)
      listen (~> 2.7, >= 2.7.3)
    timers (4.0.1)
      hitimes

PLATFORMS
  java
  ruby

DEPENDENCIES
  bundler (~> 1.9)
  http_parser.rb
  listen (~> 2.7)
  mime-types
  mini_node!
  rake (~> 10.0)
  redis
  rerun
